PATH
  remote: .
  specs:
    fotoramajs (4.4.4)
      sprockets (>= 2)

GEM
  remote: https://rubygems.org/
  specs:
    hike (1.2.3)
    httpclient (2.3.4.1)
    multi_json (1.8.0)
    rack (1.5.2)
    sprockets (2.10.0)
      hike (~> 1.2)
      multi_json (~> 1.0)
      rack (~> 1.0)
      tilt (~> 1.1, != 1.3.0)
    tilt (1.4.1)

PLATFORMS
  ruby

DEPENDENCIES
  fotoramajs!
  httpclient
